GEM
  remote: https://rubygems.org/
  specs:
    cuba (3.2.0)
      rack
    rack (1.6.4)

PLATFORMS
  ruby

DEPENDENCIES
  cuba (~> 3.2.0)
