GEM
  remote: https://rubygems.org/
  specs:
    addressable (2.4.0)
    axiom-types (0.1.1)
      descendants_tracker (~> 0.0.4)
      ice_nine (~> 0.11.0)
      thread_safe (~> 0.3, >= 0.3.1)
    coercible (1.0.0)
      descendants_tracker (~> 0.0.1)
    cuba (3.2.0)
      rack
    cuba-contrib (3.1.0)
      cuba (~> 3.1)
    descendants_tracker (0.0.4)
      thread_safe (~> 0.3, >= 0.3.1)
    dotenv (2.1.1)
    equalizer (0.0.11)
    humanize (1.1.2)
    ice_nine (0.11.2)
    link_header (0.0.8)
    mote (1.1.4)
    multi_json (1.12.1)
    oj (2.17.4)
    oj_mimic_json (1.0.1)
    ordinalize (0.0.3)
      humanize
    rack (1.6.4)
    representable (2.3.0)
      uber (~> 0.0.7)
    roar (1.0.4)
      representable (>= 2.0.1, < 2.4.0)
    shotgun (0.9.1)
      rack (>= 1.0)
    stattleship-ruby (0.1.25)
      addressable (~> 2.4)
      dotenv (~> 2.0, >= 2.0.2)
      link_header (~> 0.0.8)
      multi_json (~> 1.11, >= 1.11.2)
      oj (~> 2.14, >= 2.14.2)
      oj_mimic_json (~> 1.0, >= 1.0.1)
      ordinalize (~> 0.0.3)
      roar (~> 1.0, >= 1.0.4)
      virtus (~> 1.0, >= 1.0.5)
    thread_safe (0.3.5)
    uber (0.0.15)
    virtus (1.0.5)
      axiom-types (~> 0.1)
      coercible (~> 1.0)
      descendants_tracker (~> 0.0, >= 0.0.3)
      equalizer (~> 0.0, >= 0.0.9)

PLATFORMS
  ruby

DEPENDENCIES
  cuba (~> 3.2.0)
  cuba-contrib (~> 3.1.0)
  mote (~> 1.1.4)
  shotgun (~> 0.9.1)
  stattleship-ruby (~> 0.1.25)

BUNDLED WITH
   1.12.5
